GEM
  remote: http://rubygems.org/
  specs:
    execjs (1.2.13)
      multi_json (~> 1.0)
    haml (3.1.4)
    json (1.6.3)
    libv8 (3.3.10.4)
    multi_json (1.0.4)
    rack (1.3.5)
    rack-protection (1.1.4)
      rack
    sinatra (1.3.1)
      rack (~> 1.3, >= 1.3.4)
      rack-protection (~> 1.1, >= 1.1.2)
      tilt (~> 1.3, >= 1.3.3)
    therubyracer (0.9.9)
      libv8 (~> 3.3.10)
    tilt (1.3.3)
    uglifier (1.2.0)
      execjs (>= 0.3.0)
      multi_json (>= 1.0.2)

PLATFORMS
  ruby

DEPENDENCIES
  haml
  json
  sinatra
  therubyracer
  uglifier
